GEM
  remote: https://rubygems.org/
  specs:
    elasticsearch (1.0.17)
      elasticsearch-api (= 1.0.17)
      elasticsearch-transport (= 1.0.17)
    elasticsearch-api (1.0.17)
      multi_json
    elasticsearch-transport (1.0.17)
      faraday
      multi_json
    faraday (0.9.2)
      multipart-post (>= 1.2, < 3)
    geoip (1.6.1)
    multi_json (1.11.3)
    multipart-post (2.0.0)
    oj (2.15.0)

PLATFORMS
  ruby

DEPENDENCIES
  elasticsearch (~> 1.0.17)
  geoip (~> 1.6.1)
  oj (~> 2.15.0)

BUNDLED WITH
   1.11.2
